GEM
  remote: https://rubygems.org/
  specs:
    dotenv (0.5.0)

PLATFORMS
  ruby

DEPENDENCIES
  dotenv
